GEM
  remote: https://rubygems.org/
  specs:
    gosu (1.2.0)
    yaml (0.1.1)

PLATFORMS
  x64-mingw32

DEPENDENCIES
  gosu (~> 1.2)
  yaml (~> 0.1.1)

BUNDLED WITH
   2.2.28
