GEM
  remote: https://rubygems.org/
  specs:
    gosu (1.2.0)
    open-uri (0.2.0)
      stringio
      time
      uri
    stringio (3.0.0)
    time (0.1.0)
    uri (0.10.1)
    yaml (0.1.1)

PLATFORMS
  x64-mingw32
  x86_64-linux

DEPENDENCIES
  gosu (~> 1.2)
  open-uri (~> 0.2)
  yaml (~> 0.1.1)

BUNDLED WITH
   2.2.30
